GEM
  remote: http://rubygems.org/
  specs:
    json (1.5.2)
    mime-types (1.16)
    daemons (1.1.4)
    eventmachine (0.12.10)
    rack (1.3.0)
    rest-client (1.6.3)
      mime-types (>= 1.16)
    sinatra (1.2.6)
      rack (~> 1.1)
      tilt (< 2.0, >= 1.2.2)
    tilt (1.3.2)
    thin (1.2.11)
      daemons (>= 1.0.9)
      eventmachine (>= 0.12.6)
      rack (>= 1.0.0)

PLATFORMS
  ruby

DEPENDENCIES
  json
  rest-client
  sinatra
  thin
